PATH
  remote: .
  specs:
    heaps (0.9.2)

GEM
  remote: https://rubygems.org/
  specs:
    benchmark-ips (2.7.2)
    coderay (1.1.2)
    diff-lcs (1.3)
    docile (1.1.5)
    json (2.1.0)
    method_source (0.9.0)
    pry (0.11.2)
      coderay (~> 1.1.0)
      method_source (~> 0.9.0)
    rake (12.1.0)
    rspec (3.5.0)
      rspec-core (~> 3.5.0)
      rspec-expectations (~> 3.5.0)
      rspec-mocks (~> 3.5.0)
    rspec-core (3.5.4)
      rspec-support (~> 3.5.0)
    rspec-expectations (3.5.0)
      diff-lcs (>= 1.2.0, < 2.0)
      rspec-support (~> 3.5.0)
    rspec-mocks (3.5.0)
      diff-lcs (>= 1.2.0, < 2.0)
      rspec-support (~> 3.5.0)
    rspec-support (3.5.0)
    simplecov (0.15.1)
      docile (~> 1.1.0)
      json (>= 1.8, < 3)
      simplecov-html (~> 0.10.0)
    simplecov-html (0.10.2)

PLATFORMS
  ruby

DEPENDENCIES
  benchmark-ips
  bundler (~> 1.14)
  heaps!
  pry (~> 0.11)
  rake (~> 12.0)
  rspec (~> 3.5.0)
  simplecov

BUNDLED WITH
   1.15.3
